GEM
  remote: http://rubygems.org/
  specs:
    actionpack (4.0.0)
      activesupport (= 4.0.0)
      builder (~> 3.1.0)
      erubis (~> 2.7.0)
      rack (~> 1.5.2)
      rack-test (~> 0.6.2)
    activesupport (4.0.0)
      i18n (~> 0.6, >= 0.6.4)
      minitest (~> 4.2)
      multi_json (~> 1.3)
      thread_safe (~> 0.1)
      tzinfo (~> 0.3.37)
    archive-tar-minitar (0.5.2)
    atomic (1.1.14)
    bson (1.9.1)
    bson_ext (1.9.1)
      bson (~> 1.9.1)
    builder (3.1.4)
    commander (4.1.5)
      highline (~> 1.6.11)
    erubis (2.7.0)
    haml (4.0.3)
      tilt
    highline (1.6.20)
    httpclient (2.3.4.1)
    i18n (0.6.5)
    json (1.8.0)
    mail (2.5.4)
      mime-types (~> 1.16)
      treetop (~> 1.4.8)
    mime-types (1.25)
    minitest (4.7.5)
    mongo (1.9.1)
      bson (~> 1.9.1)
    mongodb (2.1.0)
      mongo (~> 1.5)
    multi_json (1.8.2)
    net-ssh (2.7.0)
    net-ssh-gateway (1.2.0)
      net-ssh (>= 2.6.5)
    net-ssh-multi (1.2.0)
      net-ssh (>= 2.6.5)
      net-ssh-gateway (>= 1.2.0)
    open4 (1.3.0)
    polyglot (0.3.3)
    rack (1.5.2)
    rack-protection (1.5.0)
      rack
    rack-test (0.6.2)
      rack (>= 1.0)
    railties (4.0.0)
      actionpack (= 4.0.0)
      activesupport (= 4.0.0)
      rake (>= 0.8.7)
      thor (>= 0.18.1, < 2.0)
    rake (10.1.0)
    rhc (1.15.6)
      archive-tar-minitar
      commander (>= 4.0)
      highline (~> 1.6.11)
      httpclient (>= 2.2)
      net-ssh (>= 2.0.11)
      net-ssh-multi (>= 1.2.0)
      open4
    sinatra (1.4.3)
      rack (~> 1.4)
      rack-protection (~> 1.4)
      tilt (~> 1.3, >= 1.3.4)
    sinatra-security (0.2.1)
    thor (0.18.1)
    thread_safe (0.1.3)
      atomic
    tilt (1.4.1)
    treetop (1.4.15)
      polyglot
      polyglot (>= 0.3.1)
    tzinfo (0.3.38)
    warden (1.2.3)
      rack (>= 1.0)

PLATFORMS
  ruby
  x86-mingw32

DEPENDENCIES
  bson_ext
  haml
  json
  mail
  mongo
  mongodb
  railties
  rhc
  sinatra
  sinatra-security
  warden
